GIT
  remote: https://github.com/mimemagicrb/mimemagic.git
  revision: 01f92d86d15d85cfd0f20dabd025dcbd36a8a60f
  ref: 01f92d86d15d85cfd0f20dabd025dcbd36a8a60f
  specs:
    mimemagic (0.3.5)

GEM
  remote: https://rubygems.org/
  specs:
    actioncable (6.0.3.6)
      actionpack (= 6.0.3.6)
      nio4r (~> 2.0)
      websocket-driver (>= 0.6.1)
    actionmailbox (6.0.3.6)
      actionpack (= 6.0.3.6)
      activejob (= 6.0.3.6)
      activerecord (= 6.0.3.6)
      activestorage (= 6.0.3.6)
      activesupport (= 6.0.3.6)
      mail (>= 2.7.1)
    actionmailer (6.0.3.6)
      actionpack (= 6.0.3.6)
      actionview (= 6.0.3.6)
      activejob (= 6.0.3.6)
      mail (~> 2.5, >= 2.5.4)
      rails-dom-testing (~> 2.0)
    actionpack (6.0.3.6)
      actionview (= 6.0.3.6)
      activesupport (= 6.0.3.6)
      rack (~> 2.0, >= 2.0.8)
      rack-test (>= 0.6.3)
      rails-dom-testing (~> 2.0)
      rails-html-sanitizer (~> 1.0, >= 1.2.0)
    actiontext (6.0.3.6)
      actionpack (= 6.0.3.6)
      activerecord (= 6.0.3.6)
      activestorage (= 6.0.3.6)
      activesupport (= 6.0.3.6)
      nokogiri (>= 1.8.5)
    actionview (6.0.3.6)
      activesupport (= 6.0.3.6)
      builder (~> 3.1)
      erubi (~> 1.4)
      rails-dom-testing (~> 2.0)
      rails-html-sanitizer (~> 1.1, >= 1.2.0)
    active_model_serializers (0.10.12)
      actionpack (>= 4.1, < 6.2)
      activemodel (>= 4.1, < 6.2)
      case_transform (>= 0.2)
      jsonapi-renderer (>= 0.1.1.beta1, < 0.3)
    activejob (6.0.3.6)
      activesupport (= 6.0.3.6)
      globalid (>= 0.3.6)
    activemodel (6.0.3.6)
      activesupport (= 6.0.3.6)
    activerecord (6.0.3.6)
      activemodel (= 6.0.3.6)
      activesupport (= 6.0.3.6)
    activestorage (6.0.3.6)
      actionpack (= 6.0.3.6)
      activejob (= 6.0.3.6)
      activerecord (= 6.0.3.6)
      marcel (~> 1.0.0)
    activesupport (6.0.3.6)
      concurrent-ruby (~> 1.0, >= 1.0.2)
      i18n (>= 0.7, < 2)
      minitest (~> 5.1)
      tzinfo (~> 1.1)
      zeitwerk (~> 2.2, >= 2.2.2)
    addressable (2.7.0)
      public_suffix (>= 2.0.2, < 5.0)
    ancestry (4.0.0)
      activerecord (>= 5.2.4.5)
    autoprefixer-rails (10.2.4.0)
      execjs
    aws_cf_signer (0.1.3)
    babel-source (5.8.35)
    babel-transpiler (0.7.0)
      babel-source (>= 4.0, < 6)
      execjs (~> 2.0)
    bcrypt (3.1.16)
    bindex (0.8.1)
    bootstrap (5.0.0.beta3)
      autoprefixer-rails (>= 9.1.0)
      popper_js (>= 2.9.1, < 3)
      sassc-rails (>= 2.0.0)
    builder (3.2.4)
    byebug (11.1.3)
    capybara (3.35.3)
      addressable
      mini_mime (>= 0.1.3)
      nokogiri (~> 1.8)
      rack (>= 1.6.0)
      rack-test (>= 0.6.3)
      regexp_parser (>= 1.5, < 3.0)
      xpath (~> 3.2)
    carrierwave (2.2.1)
      activemodel (>= 5.0.0)
      activesupport (>= 5.0.0)
      addressable (~> 2.6)
      image_processing (~> 1.1)
      marcel (~> 1.0.0)
      mini_mime (>= 0.1.3)
      ssrf_filter (~> 1.0)
    case_transform (0.2)
      activesupport
    childprocess (3.0.0)
    cloudinary (1.20.0)
      aws_cf_signer
      rest-client (>= 2.0.0)
    concurrent-ruby (1.1.8)
    connection_pool (2.2.5)
    crass (1.0.6)
    devise (4.7.3)
      bcrypt (~> 3.0)
      orm_adapter (~> 0.1)
      railties (>= 4.1.0)
      responders
      warden (~> 1.2.3)
    diff-lcs (1.4.4)
    domain_name (0.5.20190701)
      unf (>= 0.0.5, < 1.0.0)
    erubi (1.10.0)
    execjs (2.7.0)
    ffi (1.15.0)
    figaro (1.2.0)
      thor (>= 0.14.0, < 2)
    globalid (0.4.2)
      activesupport (>= 4.2.0)
    htmlbeautifier (1.3.1)
    http-accept (1.7.0)
    http-cookie (1.0.3)
      domain_name (~> 0.5)
    i18n (1.8.10)
      concurrent-ruby (~> 1.0)
    image_processing (1.12.1)
      mini_magick (>= 4.9.5, < 5)
      ruby-vips (>= 2.0.17, < 3)
    jbuilder (2.11.2)
      activesupport (>= 5.0.0)
    jquery-rails (4.4.0)
      rails-dom-testing (>= 1, < 3)
      railties (>= 4.2.0)
      thor (>= 0.14, < 2.0)
    js-routes (1.4.14)
      railties (>= 4)
    jsonapi-renderer (0.2.2)
    listen (3.1.5)
      rb-fsevent (~> 0.9, >= 0.9.4)
      rb-inotify (~> 0.9, >= 0.9.7)
      ruby_dep (~> 1.2)
    loofah (2.9.1)
      crass (~> 1.0.2)
      nokogiri (>= 1.5.9)
    mail (2.7.1)
      mini_mime (>= 0.1.1)
    marcel (1.0.1)
    method_source (1.0.0)
    mime-types (3.3.1)
      mime-types-data (~> 3.2015)
    mime-types-data (3.2021.0225)
    mini_magick (4.11.0)
    mini_mime (1.1.0)
    mini_portile2 (2.5.0)
    minitest (5.14.4)
    netrc (0.11.0)
    nio4r (2.5.7)
    nokogiri (1.11.3)
      mini_portile2 (~> 2.5.0)
      racc (~> 1.4)
    orm_adapter (0.5.0)
    pg (1.2.3)
    popper_js (2.9.2)
    public_suffix (4.0.6)
    puma (3.12.6)
    racc (1.5.2)
    rack (2.2.3)
    rack-proxy (0.6.5)
      rack
    rack-test (1.1.0)
      rack (>= 1.0, < 3)
    rails (6.0.3.6)
      actioncable (= 6.0.3.6)
      actionmailbox (= 6.0.3.6)
      actionmailer (= 6.0.3.6)
      actionpack (= 6.0.3.6)
      actiontext (= 6.0.3.6)
      actionview (= 6.0.3.6)
      activejob (= 6.0.3.6)
      activemodel (= 6.0.3.6)
      activerecord (= 6.0.3.6)
      activestorage (= 6.0.3.6)
      activesupport (= 6.0.3.6)
      bundler (>= 1.3.0)
      railties (= 6.0.3.6)
      sprockets-rails (>= 2.0.0)
    rails-dom-testing (2.0.3)
      activesupport (>= 4.2.0)
      nokogiri (>= 1.6)
    rails-html-sanitizer (1.3.0)
      loofah (~> 2.3)
    railties (6.0.3.6)
      actionpack (= 6.0.3.6)
      activesupport (= 6.0.3.6)
      method_source
      rake (>= 0.8.7)
      thor (>= 0.20.3, < 2.0)
    rake (13.0.3)
    rb-fsevent (0.10.4)
    rb-inotify (0.10.1)
      ffi (~> 1.0)
    react-rails (2.6.1)
      babel-transpiler (>= 0.7.0)
      connection_pool
      execjs
      railties (>= 3.2)
      tilt
    regexp_parser (2.1.1)
    responders (3.0.1)
      actionpack (>= 5.0)
      railties (>= 5.0)
    rest-client (2.1.0)
      http-accept (>= 1.7.0, < 2.0)
      http-cookie (>= 1.0.2, < 2.0)
      mime-types (>= 1.16, < 4.0)
      netrc (~> 0.8)
    rspec-core (3.10.1)
      rspec-support (~> 3.10.0)
    rspec-expectations (3.10.1)
      diff-lcs (>= 1.2.0, < 2.0)
      rspec-support (~> 3.10.0)
    rspec-mocks (3.10.2)
      diff-lcs (>= 1.2.0, < 2.0)
      rspec-support (~> 3.10.0)
    rspec-rails (5.0.1)
      actionpack (>= 5.2)
      activesupport (>= 5.2)
      railties (>= 5.2)
      rspec-core (~> 3.10)
      rspec-expectations (~> 3.10)
      rspec-mocks (~> 3.10)
      rspec-support (~> 3.10)
    rspec-support (3.10.2)
    ruby-vips (2.1.0)
      ffi (~> 1.12)
    ruby_dep (1.5.0)
    rubyzip (2.3.0)
    sassc (2.4.0)
      ffi (~> 1.9)
    sassc-rails (2.1.2)
      railties (>= 4.0.0)
      sassc (>= 2.0)
      sprockets (> 3.0)
      sprockets-rails
      tilt
    selenium-webdriver (3.142.7)
      childprocess (>= 0.5, < 4.0)
      rubyzip (>= 1.2.2)
    semantic_range (3.0.0)
    spring (2.1.1)
    spring-watcher-listen (2.0.1)
      listen (>= 2.7, < 4.0)
      spring (>= 1.2, < 3.0)
    sprockets (4.0.2)
      concurrent-ruby (~> 1.0)
      rack (> 1, < 3)
    sprockets-rails (3.2.2)
      actionpack (>= 4.0)
      activesupport (>= 4.0)
      sprockets (>= 3.0.0)
    ssrf_filter (1.0.7)
    thor (1.1.0)
    thread_safe (0.3.6)
    tilt (2.0.10)
    tzinfo (1.2.9)
      thread_safe (~> 0.1)
    uglifier (4.2.0)
      execjs (>= 0.3.0, < 3)
    unf (0.1.4)
      unf_ext
    unf_ext (0.0.7.7)
    warden (1.2.9)
      rack (>= 2.0.9)
    web-console (4.1.0)
      actionview (>= 6.0.0)
      activemodel (>= 6.0.0)
      bindex (>= 0.4.0)
      railties (>= 6.0.0)
    webpacker (5.3.0)
      activesupport (>= 5.2)
      rack-proxy (>= 0.6.1)
      railties (>= 5.2)
      semantic_range (>= 2.3.0)
    websocket-driver (0.7.3)
      websocket-extensions (>= 0.1.0)
    websocket-extensions (0.1.5)
    xpath (3.2.0)
      nokogiri (~> 1.8)
    zeitwerk (2.4.2)

PLATFORMS
  ruby

DEPENDENCIES
  active_model_serializers
  ancestry
  bcrypt (~> 3.1.7)
  bootstrap (~> 5.0.0.alpha3)
  byebug
  capybara (>= 2.15)
  carrierwave (~> 2.2.1)
  cloudinary (~> 1.20.0)
  devise (~> 4.7.1)
  figaro
  htmlbeautifier
  jbuilder (~> 2.5)
  jquery-rails
  js-routes (~> 1.4.9)
  listen (>= 3.0.5, < 3.2)
  mimemagic!
  pg (~> 1.2.3)
  puma (~> 3.7)
  rails (~> 6.0.3.4)
  react-rails (~> 2.6.1)
  rspec-rails (~> 5.0.0)
  selenium-webdriver
  spring
  spring-watcher-listen (~> 2.0.0)
  uglifier (>= 1.3.0)
  web-console (>= 3.3.0)
  webpacker (~> 5.x)

RUBY VERSION
   ruby 2.7.3p183

BUNDLED WITH
   2.1.4
